GEM
  remote: https://rubygems.org/
  specs:
    concurrent-ruby (1.1.9)
    deep_merge (1.2.1)
    fast_gettext (1.1.2)
    ffi (1.9.23)
    gettext (3.2.2)
      locale (>= 2.0.5)
      text (>= 1.3.0)
    hiera-eyaml (3.2.2)
      highline
      optimist
    highline (2.0.3)
    hocon (1.3.1)
    locale (2.1.3)
    multi_json (1.15.0)
    net-ssh (4.2.0)
    optimist (3.0.1)
    scanf (1.0.0)
    semantic_puppet (1.0.4)
    sys-filesystem (1.4.1)
      ffi (~> 1.1)
    text (1.3.1)
    thor (1.1.0)

PLATFORMS
  ruby
  universal-darwin-20

DEPENDENCIES
  concurrent-ruby (= 1.1.9)
  deep_merge (= 1.2.1)
  fast_gettext (= 1.1.2)
  ffi (= 1.15.3)
  gettext (= 3.2.2)
  hiera-eyaml (= 3.2.2)
  highline (= 2.0.3)
  hocon (= 1.3.1)
  locale (= 2.1.3)
  multi_json (= 1.15.0)
  net-ssh (= 4.2.0)
  optimist (= 3.0.1)
  scanf (= 1.0.0)
  semantic_puppet (= 1.0.4)
  sys-filesystem (= 1.4.1)
  text (= 1.3.1)
  thor (= 1.1.0)

BUNDLED WITH
   1.17.2
